PATH
  remote: .
  specs:
    coque (0.1.0)

GEM
  remote: https://rubygems.org/
  specs:
    ansi (1.5.0)
    builder (3.2.3)
    coderay (1.1.2)
    method_source (0.9.0)
    minitest (5.11.3)
    minitest-reporters (1.2.0)
      ansi
      builder
      minitest (>= 5.0)
      ruby-progressbar
    pry (0.11.2)
      coderay (~> 1.1.0)
      method_source (~> 0.9.0)
    rake (12.3.1)
    ruby-progressbar (1.9.0)

PLATFORMS
  ruby

DEPENDENCIES
  bundler (~> 1.16)
  coque!
  minitest (~> 5.11)
  minitest-reporters
  pry
  rake (~> 12.3)

BUNDLED WITH
   1.16.1
